GEM
  remote: https://rubygems.org/
  specs:
    byebug (9.0.6)
    coderay (1.1.1)
    m (1.5.0)
      method_source (>= 0.6.7)
      rake (>= 0.9.2.2)
    method_source (0.8.2)
    minitest (5.10.1)
    pry (0.10.4)
      coderay (~> 1.1.0)
      method_source (~> 0.8.1)
      slop (~> 3.4)
    pry-byebug (3.4.2)
      byebug (~> 9.0)
      pry (~> 0.10)
    rake (12.0.0)
    slop (3.6.0)

PLATFORMS
  ruby

DEPENDENCIES
  m (~> 1.5.0)
  minitest (~> 5.10)
  pry-byebug
  rake (~> 12.0)

BUNDLED WITH
   1.13.6
